GEM
  remote: https://gems.ruby-china.org/
  specs:
    Ascii85 (1.0.2)
    addressable (2.5.1)
      public_suffix (~> 2.0, >= 2.0.2)
    afm (0.2.2)
    asciidoctor (1.5.5)
    asciidoctor-diagram (1.5.4)
      asciidoctor (~> 1.5.0)
    asciidoctor-epub3 (1.5.0.alpha.7)
      asciidoctor (~> 1.5.0)
      gepub (~> 0.6.9.2)
      thread_safe (~> 0.3.6)
    asciidoctor-pdf (1.5.0.alpha.15)
      asciidoctor (>= 1.5.0)
      prawn (>= 1.3.0, < 2.3.0)
      prawn-icon (= 1.3.0)
      prawn-svg (>= 0.21.0, < 0.27.0)
      prawn-table (= 0.2.2)
      prawn-templates (>= 0.0.3, <= 0.0.5)
      safe_yaml (~> 1.0.4)
      thread_safe (~> 0.3.6)
      treetop (= 1.5.3)
    coderay (1.1.1)
    css_parser (1.5.0)
      addressable
    gepub (0.6.9.2)
      nokogiri (~> 1.6.1)
      rubyzip (>= 1.1.1)
    hashery (2.1.2)
    method_source (0.8.2)
    mini_portile2 (2.1.0)
    multi_json (1.12.1)
    nokogiri (1.6.8.1)
      mini_portile2 (~> 2.1.0)
    pdf-core (0.7.0)
    pdf-reader (1.4.1)
      Ascii85 (~> 1.0.0)
      afm (~> 0.2.1)
      hashery (~> 2.0)
      ruby-rc4
      ttfunk
    polyglot (0.3.5)
    prawn (2.2.2)
      pdf-core (~> 0.7.0)
      ttfunk (~> 1.5)
    prawn-icon (1.3.0)
      prawn (>= 1.1.0, < 3.0.0)
    prawn-svg (0.26.0)
      css_parser (~> 1.3)
      prawn (>= 0.11.1, < 3)
    prawn-table (0.2.2)
      prawn (>= 1.3.0, < 3.0.0)
    prawn-templates (0.0.5)
      pdf-core (>= 0.5.0)
      pdf-reader (~> 1.3)
      prawn (>= 2.2.1)
    pry (0.10.4)
      coderay (~> 1.1.0)
      method_source (~> 0.8.1)
      slop (~> 3.4)
    public_suffix (2.0.5)
    pygments.rb (1.1.2)
      multi_json (>= 1.0.0)
    rake (12.0.0)
    ruby-rc4 (0.1.5)
    rubyzip (1.2.1)
    safe_yaml (1.0.4)
    slop (3.6.0)
    thread_safe (0.3.6)
    treetop (1.5.3)
      polyglot (~> 0.3)
    ttfunk (1.5.1)

PLATFORMS
  ruby

DEPENDENCIES
  asciidoctor (~> 1.5, >= 1.5.5)
  asciidoctor-diagram (~> 1.5, >= 1.5.4)
  asciidoctor-epub3 (~> 1.5.0.alpha.7)
  asciidoctor-pdf (~> 1.5.0.alpha.15)
  coderay (~> 1.1, >= 1.1.1)
  prawn-svg (~> 0.26.0)
  pry (~> 0.10.4)
  pygments.rb (~> 1.1, >= 1.1.2)
  rake (~> 12.0)

BUNDLED WITH
   1.13.6
