GEM
  remote: https://gems.ruby-china.org/
  specs:
    Ascii85 (1.0.3)
    addressable (2.5.2)
      public_suffix (>= 2.0.2, < 4.0)
    afm (0.2.2)
    asciidoctor (1.5.6.1)
    asciidoctor-diagram (1.5.8)
      asciidoctor (~> 1.5.0)
    asciidoctor-epub3 (1.5.0.alpha.8)
      asciidoctor (~> 1.5.0)
      gepub (~> 0.6.9.2)
      thread_safe (~> 0.3.6)
    asciidoctor-pdf (1.5.0.alpha.16)
      asciidoctor (>= 1.5.0)
      prawn (>= 1.3.0, < 2.3.0)
      prawn-icon (= 1.3.0)
      prawn-svg (>= 0.21.0, < 0.28.0)
      prawn-table (= 0.2.2)
      prawn-templates (>= 0.0.3, <= 0.1.1)
      safe_yaml (~> 1.0.4)
      thread_safe (~> 0.3.6)
      treetop (= 1.5.3)
    coderay (1.1.2)
    css_parser (1.6.0)
      addressable
    gepub (0.6.9.2)
      nokogiri (~> 1.6.1)
      rubyzip (>= 1.1.1)
    hashery (2.1.2)
    method_source (0.9.0)
    mini_portile2 (2.1.0)
    multi_json (1.13.1)
    nokogiri (1.6.8.1)
      mini_portile2 (~> 2.1.0)
    pdf-core (0.7.0)
    pdf-reader (2.1.0)
      Ascii85 (~> 1.0.0)
      afm (~> 0.2.1)
      hashery (~> 2.0)
      ruby-rc4
      ttfunk
    polyglot (0.3.5)
    prawn (2.2.2)
      pdf-core (~> 0.7.0)
      ttfunk (~> 1.5)
    prawn-icon (1.3.0)
      prawn (>= 1.1.0, < 3.0.0)
    prawn-svg (0.27.1)
      css_parser (~> 1.3)
      prawn (>= 0.11.1, < 3)
    prawn-table (0.2.2)
      prawn (>= 1.3.0, < 3.0.0)
    prawn-templates (0.1.1)
      pdf-reader (~> 2.0)
      prawn (~> 2.2)
    pry (0.11.3)
      coderay (~> 1.1.0)
      method_source (~> 0.9.0)
    public_suffix (3.0.2)
    pygments.rb (1.2.1)
      multi_json (>= 1.0.0)
    rake (12.3.0)
    ruby-rc4 (0.1.5)
    rubyzip (1.2.1)
    safe_yaml (1.0.4)
    thread_safe (0.3.6)
    treetop (1.5.3)
      polyglot (~> 0.3)
    ttfunk (1.5.1)

PLATFORMS
  ruby

DEPENDENCIES
  asciidoctor (~> 1.5, >= 1.5.6.1)
  asciidoctor-diagram (~> 1.5, >= 1.5.8)
  asciidoctor-epub3 (~> 1.5.0.alpha.8)
  asciidoctor-pdf (~> 1.5.0.alpha.16)
  bundler (~> 1.16, >= 1.16.1)
  coderay (~> 1.1, >= 1.1.2)
  nokogiri (~> 1.6, >= 1.6.8.1)
  prawn-svg (~> 0.27.1)
  pry (~> 0.11.3)
  pygments.rb (~> 1.2, >= 1.2.1)
  rake (~> 12.3)

BUNDLED WITH
   1.16.1
